GIT
  remote: git@github.com:renewablefunding/spectifly.git
  revision: efcf86d297aed037fe3e4067c9abd2a862d1d950
  specs:
    spectifly (0.0.1)

PATH
  remote: .
  specs:
    spectifly-sequel (0.0.1)
      sequel
      spectifly

GEM
  remote: https://rubygems.org/
  specs:
    builder (3.2.0)
    diff-lcs (1.2.4)
    rake (10.0.4)
    rspec (2.13.0)
      rspec-core (~> 2.13.0)
      rspec-expectations (~> 2.13.0)
      rspec-mocks (~> 2.13.0)
    rspec-core (2.13.1)
    rspec-expectations (2.13.0)
      diff-lcs (>= 1.1.3, < 2.0)
    rspec-mocks (2.13.1)
    sequel (3.47.0)

PLATFORMS
  ruby

DEPENDENCIES
  builder
  bundler (~> 1.3)
  rake
  rspec
  spectifly!
  spectifly-sequel!
