GIT
  remote: git@github.com:renewablefunding/spectifly.git
  revision: efcf86d297aed037fe3e4067c9abd2a862d1d950
  specs:
    spectifly (0.0.1)

PATH
  remote: .
  specs:
    spectifly-sequel (0.0.1)
      activesupport
      sequel
      spectifly

GEM
  remote: https://rubygems.org/
  specs:
    activesupport (3.2.12)
      i18n (~> 0.6)
      multi_json (~> 1.0)
    builder (3.2.0)
    columnize (0.3.6)
    debugger (1.5.0)
      columnize (>= 0.3.1)
      debugger-linecache (~> 1.2.0)
      debugger-ruby_core_source (~> 1.2.0)
    debugger-linecache (1.2.0)
    debugger-ruby_core_source (1.2.0)
    diff-lcs (1.2.4)
    i18n (0.6.4)
    multi_json (1.7.2)
    rake (10.0.4)
    rspec (2.13.0)
      rspec-core (~> 2.13.0)
      rspec-expectations (~> 2.13.0)
      rspec-mocks (~> 2.13.0)
    rspec-core (2.13.1)
    rspec-expectations (2.13.0)
      diff-lcs (>= 1.1.3, < 2.0)
    rspec-mocks (2.13.1)
    sequel (3.47.0)

PLATFORMS
  ruby

DEPENDENCIES
  builder
  bundler (~> 1.3)
  debugger
  rake
  rspec
  spectifly!
  spectifly-sequel!
